PATH
  remote: .
  specs:
    danarchy_couchdb (0.1.3)

GEM
  remote: https://rubygems.org/
  specs:
    rake (13.0.6)

PLATFORMS
  x86_64-linux

DEPENDENCIES
  bundler (~> 2.3)
  danarchy_couchdb!
  rake (~> 13.0)

BUNDLED WITH
   2.3.3
